GEM
  remote: https://rubygems.org/
  specs:
    diff-lcs (1.2.2)
    grit (2.5.0)
      diff-lcs (~> 1.1)
      mime-types (~> 1.15)
      posix-spawn (~> 0.3.6)
    httpclient (2.3.3)
    mime-types (1.22)
    posix-spawn (0.3.6)
    ruby-graphviz (1.0.8)

PLATFORMS
  ruby

DEPENDENCIES
  grit
  httpclient
  ruby-graphviz
